GIT
  remote: git://github.com/rack/rack.git
  revision: 4d93f90b58b09329a227fac975228eeef76f2952
  specs:
    rack (1.2.1)

GIT
  remote: git://github.com/rails/arel.git
  revision: 113240e0b75e53b41e3d0837ec53ec594bcd9a28
  specs:
    arel (2.0.7.beta.20110228092631)

GIT
  remote: git://github.com/rails/rails.git
  revision: 6e02a61f3954ba98ad0c3c36e5898a4650e6e468
  specs:
    actionmailer (3.1.0.beta)
      actionpack (= 3.1.0.beta)
      mail (~> 2.3.0)
    actionpack (3.1.0.beta)
      activemodel (= 3.1.0.beta)
      activesupport (= 3.1.0.beta)
      builder (~> 3.0.0)
      erubis (~> 2.7.0)
      i18n (~> 0.6.0beta1)
      rack (~> 1.2.1)
      rack-cache (~> 1.0.0)
      rack-mount (~> 0.7.1)
      rack-test (~> 0.5.7)
      tzinfo (~> 0.3.23)
    activemodel (3.1.0.beta)
      activesupport (= 3.1.0.beta)
      bcrypt-ruby (~> 2.1.4)
      builder (~> 3.0.0)
      i18n (~> 0.6.0beta1)
    activerecord (3.1.0.beta)
      activemodel (= 3.1.0.beta)
      activesupport (= 3.1.0.beta)
      arel (~> 2.0.2)
      tzinfo (~> 0.3.23)
    activeresource (3.1.0.beta)
      activemodel (= 3.1.0.beta)
      activesupport (= 3.1.0.beta)
    activesupport (3.1.0.beta)
      multi_json (~> 1.0.0.rc3)
    rails (3.1.0.beta)
      actionmailer (= 3.1.0.beta)
      actionpack (= 3.1.0.beta)
      activerecord (= 3.1.0.beta)
      activeresource (= 3.1.0.beta)
      activesupport (= 3.1.0.beta)
      bundler (~> 1.0)
      railties (= 3.1.0.beta)
    railties (3.1.0.beta)
      actionpack (= 3.1.0.beta)
      activesupport (= 3.1.0.beta)
      rack-ssl (~> 1.3.2)
      rake (>= 0.8.7)
      thor (~> 0.14.4)

GIT
  remote: git://github.com/sstephenson/sprockets.git
  revision: dc9ad3be9925f70c2be43c7ee28762a723a70c24
  specs:
    sprockets (2.0.0)
      hike (>= 0.7.0)
      rack (>= 1.0.0)
      tilt (>= 1.1.0)

GEM
  remote: http://rubygems.org/
  specs:
    ansi (1.2.3)
    bcrypt-ruby (2.1.4)
    builder (3.0.0)
    coffee-script (2.2.0)
      coffee-script-source
      execjs
    coffee-script-source (1.0.1)
    erubis (2.7.0)
    execjs (0.3.0)
      multi_json (~> 1.0)
    hike (0.7.1)
    i18n (0.6.0beta1)
    mail (2.3.0)
      i18n (>= 0.4.0)
      mime-types (~> 1.16)
      treetop (~> 1.4.8)
    mime-types (1.16)
    multi_json (1.0.0)
    polyglot (0.3.1)
    rack-cache (1.0.1)
      rack (>= 0.4)
    rack-mount (0.7.2)
      rack (>= 1.0.0)
    rack-ssl (1.3.2)
      rack
    rack-test (0.5.7)
      rack (>= 1.0)
    rake (0.8.7)
    sass (3.1.1)
    simple_form (1.2.2)
    sqlite3 (1.3.3)
    thor (0.14.6)
    tilt (1.2.2)
    treetop (1.4.9)
      polyglot (>= 0.3.1)
    turn (0.8.2)
      ansi (>= 1.2.2)
    tzinfo (0.3.26)

PLATFORMS
  ruby

DEPENDENCIES
  arel!
  coffee-script
  rack!
  rails!
  sass (~> 3.1.0.alpha)
  simple_form
  sprockets!
  sqlite3
  turn
